GEM
  remote: https://rubygems.org/
  specs:
    crypt (1.1.4)

PLATFORMS
  ruby

DEPENDENCIES
  crypt
