GEM
  remote: https://rubygems.org/
  specs:
    base62 (1.0.0)
    diff-lcs (1.2.5)
    fakefs (0.5.0)
    rspec (2.14.1)
      rspec-core (~> 2.14.0)
      rspec-expectations (~> 2.14.0)
      rspec-mocks (~> 2.14.0)
    rspec-core (2.14.7)
    rspec-expectations (2.14.5)
      diff-lcs (>= 1.1.3, < 2.0)
    rspec-mocks (2.14.6)
    thor (0.18.1)

PLATFORMS
  ruby

DEPENDENCIES
  base62
  fakefs
  rspec
  thor
